PATH
  remote: .
  specs:
    ideal (0.9.0)
      nap
      nokogiri

GEM
  remote: http://rubygems.org/
  specs:
    activesupport (3.0.0)
    metaclass (0.0.1)
    mocha (0.10.0)
      metaclass (~> 0.0.1)
    nap (0.5.1)
    nokogiri (1.5.5)
    rake (0.9.2.2)

PLATFORMS
  ruby

DEPENDENCIES
  activesupport
  ideal!
  mocha
  rake
